PATH
  remote: .
  specs:
    guard-stylus (0.0.1)
      guard (~> 1.7.0)
      guard-helpers (~> 0.0.2)
      stylus (~> 0.7.1)

GEM
  remote: https://rubygems.org/
  specs:
    coderay (1.0.9)
    execjs (1.4.0)
      multi_json (~> 1.0)
    formatador (0.2.4)
    guard (1.7.0)
      formatador (>= 0.2.4)
      listen (>= 0.6.0)
      lumberjack (>= 1.0.2)
      pry (>= 0.9.10)
      thor (>= 0.14.6)
    guard-helpers (0.0.2)
    listen (0.7.3)
    lumberjack (1.0.3)
    method_source (0.8.1)
    multi_json (1.7.2)
    pry (0.9.12)
      coderay (~> 1.0.5)
      method_source (~> 0.8)
      slop (~> 3.4)
    slop (3.4.4)
    stylus (0.7.1)
      execjs
      stylus-source
    stylus-source (0.31.0)
    thor (0.18.1)

PLATFORMS
  ruby

DEPENDENCIES
  guard-stylus!
